GEM
  remote: https://rubygems.org/
  specs:
    macsay (0.1.0)

PLATFORMS
  ruby

DEPENDENCIES
  macsay (~> 0.1.0)

BUNDLED WITH
   1.15.4
